{
  "TaskName": "Open Speech Production",
  "Manufacturer": "ANT Neuro",
  "ManufacturersModelName": "Pangolin 64",
  "SoftwareVersions": "eego SDK 1.8.0",
  "CapManufacturer": "Easycap",
  "CapManufacturersModelName": "M10",
  "EEGChannelCount": 128,
  "EOGChannelCount": 1,
  "EMGChannelCount": 2,
  "ECGChannelCount": 0,
  "MiscChannelCount": 2,
  "TriggerChannelCount": 1,
  "SamplingFrequency": 1200,
  "PowerLineFrequency": 50,
  "EEGPlacementScheme": "Custom montage based on 10-20 system",
  "EEGReference": "FCz",
  "EEGGround": "AFz",
  "RecordingType": "continuous",
  "SoftwareFilters": "n/a",
  "Notes": "channels.tsv and events.tsv are not included in this dataset. channels.tsv requires detailed per-channel layout information not available from the raw HDF5 files alone. events.tsv requires VAD processing and Whisper transcription results which are generated in a separate post-processing step."
}
